GEM
  remote: https://rubygems.org/
  specs:
    activesupport (3.2.17)
      i18n (~> 0.6, >= 0.6.4)
      multi_json (~> 1.0)
    builder (3.2.2)
    cdq (0.1.8)
      motion-yaml
      ruby-xcdm (~> 0.0, >= 0.0.6)
    i18n (0.6.9)
    motion-yaml (1.2)
    multi_json (1.9.2)
    plist (3.1.0)
    rake (10.2.2)
    ruby-xcdm (0.0.7)
      activesupport (~> 3.2)
      builder (~> 3.2)
      plist (~> 3.1)

PLATFORMS
  ruby

DEPENDENCIES
  cdq (= 0.1.8)
  rake
